GIT
  remote: https://github.com/rails/rails
  revision: d76d8f71c500f7076e1dc5801a222c8bd18466be
  specs:
    actioncable (6.0.0.alpha)
      actionpack (= 6.0.0.alpha)
      nio4r (~> 2.0)
      websocket-driver (>= 0.6.1)
    actionmailer (6.0.0.alpha)
      actionpack (= 6.0.0.alpha)
      actionview (= 6.0.0.alpha)
      activejob (= 6.0.0.alpha)
      mail (~> 2.5, >= 2.5.4)
      rails-dom-testing (~> 2.0)
    actionpack (6.0.0.alpha)
      actionview (= 6.0.0.alpha)
      activesupport (= 6.0.0.alpha)
      rack (~> 2.0)
      rack-test (>= 0.6.3)
      rails-dom-testing (~> 2.0)
      rails-html-sanitizer (~> 1.0, >= 1.0.2)
    actionview (6.0.0.alpha)
      activesupport (= 6.0.0.alpha)
      builder (~> 3.1)
      erubi (~> 1.4)
      rails-dom-testing (~> 2.0)
      rails-html-sanitizer (~> 1.0, >= 1.0.3)
    activejob (6.0.0.alpha)
      activesupport (= 6.0.0.alpha)
      globalid (>= 0.3.6)
    activemodel (6.0.0.alpha)
      activesupport (= 6.0.0.alpha)
    activerecord (6.0.0.alpha)
      activemodel (= 6.0.0.alpha)
      activesupport (= 6.0.0.alpha)
    activestorage (6.0.0.alpha)
      actionpack (= 6.0.0.alpha)
      activerecord (= 6.0.0.alpha)
      marcel (~> 0.3.1)
    activesupport (6.0.0.alpha)
      concurrent-ruby (~> 1.0, >= 1.0.2)
      i18n (>= 0.7, < 2)
      minitest (~> 5.1)
      tzinfo (~> 1.1)
    rails (6.0.0.alpha)
      actioncable (= 6.0.0.alpha)
      actionmailer (= 6.0.0.alpha)
      actionpack (= 6.0.0.alpha)
      actionview (= 6.0.0.alpha)
      activejob (= 6.0.0.alpha)
      activemodel (= 6.0.0.alpha)
      activerecord (= 6.0.0.alpha)
      activestorage (= 6.0.0.alpha)
      activesupport (= 6.0.0.alpha)
      bundler (>= 1.3.0)
      railties (= 6.0.0.alpha)
      sprockets-rails (>= 2.0.0)
    railties (6.0.0.alpha)
      actionpack (= 6.0.0.alpha)
      activesupport (= 6.0.0.alpha)
      method_source
      rake (>= 0.8.7)
      thor (>= 0.19.0, < 2.0)

GEM
  remote: https://rubygems.org/
  specs:
    ast (2.4.0)
    builder (3.2.3)
    coderay (1.1.2)
    coffee-rails (4.2.2)
      coffee-script (>= 2.2.0)
      railties (>= 4.0.0)
    coffee-script (2.4.1)
      coffee-script-source
      execjs
    coffee-script-source (1.12.2)
    concurrent-ruby (1.1.3)
    crass (1.0.4)
    diff-lcs (1.3)
    erubi (1.7.1)
    execjs (2.7.0)
    factory_bot (4.11.1)
      activesupport (>= 3.0.0)
    factory_bot_rails (4.11.1)
      factory_bot (~> 4.11.1)
      railties (>= 3.0.0)
    ffi (1.9.25)
    geocoder (1.5.0)
    globalid (0.4.1)
      activesupport (>= 4.2.0)
    gmaps4rails (2.1.2)
    i18n (1.1.1)
      concurrent-ruby (~> 1.0)
    jaro_winkler (1.5.1)
    jquery-rails (4.3.3)
      rails-dom-testing (>= 1, < 3)
      railties (>= 4.2.0)
      thor (>= 0.14, < 2.0)
    loofah (2.2.3)
      crass (~> 1.0.2)
      nokogiri (>= 1.5.9)
    mail (2.7.1)
      mini_mime (>= 0.1.1)
    marcel (0.3.3)
      mimemagic (~> 0.3.2)
    method_source (0.9.2)
    mimemagic (0.3.2)
    mini_mime (1.0.1)
    mini_portile2 (2.3.0)
    minitest (5.11.3)
    nio4r (2.3.1)
    nokogiri (1.8.5)
      mini_portile2 (~> 2.3.0)
    parallel (1.12.1)
    parser (2.5.3.0)
      ast (~> 2.4.0)
    pg (1.1.3)
    powerpack (0.1.2)
    pry (0.12.2)
      coderay (~> 1.1.0)
      method_source (~> 0.9.0)
    rack (2.0.6)
    rack-test (1.1.0)
      rack (>= 1.0, < 3)
    rails-controller-testing (1.0.4)
      actionpack (>= 5.0.1.x)
      actionview (>= 5.0.1.x)
      activesupport (>= 5.0.1.x)
    rails-dom-testing (2.0.3)
      activesupport (>= 4.2.0)
      nokogiri (>= 1.6)
    rails-html-sanitizer (1.0.4)
      loofah (~> 2.2, >= 2.2.2)
    rainbow (3.0.0)
    rake (12.3.1)
    rb-fsevent (0.10.3)
    rb-inotify (0.9.10)
      ffi (>= 0.5.0, < 2)
    rdoc (6.0.4)
    rspec-core (3.8.0)
      rspec-support (~> 3.8.0)
    rspec-expectations (3.8.2)
      diff-lcs (>= 1.2.0, < 2.0)
      rspec-support (~> 3.8.0)
    rspec-mocks (3.8.0)
      diff-lcs (>= 1.2.0, < 2.0)
      rspec-support (~> 3.8.0)
    rspec-rails (3.8.1)
      actionpack (>= 3.0)
      activesupport (>= 3.0)
      railties (>= 3.0)
      rspec-core (~> 3.8.0)
      rspec-expectations (~> 3.8.0)
      rspec-mocks (~> 3.8.0)
      rspec-support (~> 3.8.0)
    rspec-support (3.8.0)
    rubocop (0.61.1)
      jaro_winkler (~> 1.5.1)
      parallel (~> 1.10)
      parser (>= 2.5, != 2.5.1.1)
      powerpack (~> 0.1)
      rainbow (>= 2.2.2, < 4.0)
      ruby-progressbar (~> 1.7)
      unicode-display_width (~> 1.4.0)
    rubocop-rspec (1.30.1)
      rubocop (>= 0.60.0)
    ruby-progressbar (1.10.0)
    sass (3.7.2)
      sass-listen (~> 4.0.0)
    sass-listen (4.0.0)
      rb-fsevent (~> 0.9, >= 0.9.4)
      rb-inotify (~> 0.9, >= 0.9.7)
    sass-rails (5.0.7)
      railties (>= 4.0.0, < 6)
      sass (~> 3.1)
      sprockets (>= 2.8, < 4.0)
      sprockets-rails (>= 2.0, < 4.0)
      tilt (>= 1.1, < 3)
    sdoc (1.0.0)
      rdoc (>= 5.0)
    spring (2.0.2)
      activesupport (>= 4.2)
    spring-commands-rspec (1.0.4)
      spring (>= 0.9.1)
    sprockets (4.0.0.beta8)
      concurrent-ruby (~> 1.0)
      rack (> 1, < 3)
    sprockets-rails (3.2.1)
      actionpack (>= 4.0)
      activesupport (>= 4.0)
      sprockets (>= 3.0.0)
    sqlite3 (1.3.13)
    thor (0.20.3)
    thread_safe (0.3.6)
    tilt (2.0.9)
    turbolinks (5.2.0)
      turbolinks-source (~> 5.2)
    turbolinks-source (5.2.0)
    tzinfo (1.2.5)
      thread_safe (~> 0.1)
    uglifier (4.1.20)
      execjs (>= 0.3.0, < 3)
    underscore-rails (1.8.3)
    unicode-display_width (1.4.0)
    websocket-driver (0.7.0)
      websocket-extensions (>= 0.1.0)
    websocket-extensions (0.1.3)

PLATFORMS
  ruby

DEPENDENCIES
  coffee-rails
  factory_bot_rails
  geocoder
  gmaps4rails
  jquery-rails
  pg
  pry
  rails!
  rails-controller-testing
  rspec-rails
  rubocop-rspec
  sass-rails
  sdoc
  spring
  spring-commands-rspec
  sprockets (= 4.0.0.beta8)
  sprockets-rails
  sqlite3
  turbolinks
  uglifier
  underscore-rails

RUBY VERSION
   ruby 2.6.0p-1

BUNDLED WITH
   1.17.1
